GEM
  remote: https://rubygems.org/
  specs:
    encrypto_signo (1.0.0)

PLATFORMS
  ruby

DEPENDENCIES
  encrypto_signo

BUNDLED WITH
   1.15.2
